GIT
  remote: https://github.com/tootsuite/mastodon-api.git
  revision: 189deb8219ae1ce7c34386d9ad1ca7e4a5fec62c
  ref: 189deb8
  specs:
    mastodon-api (1.2.0)
      addressable (~> 2.5)
      buftok
      http (~> 3.0)
      oj (~> 3.3)

GEM
  remote: https://rubygems.org/
  specs:
    addressable (2.5.2)
      public_suffix (>= 2.0.2, < 4.0)
    buftok (0.2.0)
    domain_name (0.5.20180417)
      unf (>= 0.0.5, < 1.0.0)
    dotenv (2.6.0)
    faraday (0.15.4)
      multipart-post (>= 1.2, < 3)
    google-cloud-vision (0.32.2)
      google-gax (~> 1.3)
    google-gax (1.4.0)
      google-protobuf (~> 3.2)
      googleapis-common-protos (>= 1.3.5, < 2.0)
      googleauth (~> 0.6.2)
      grpc (>= 1.7.2, < 2.0)
      rly (~> 0.2.3)
    google-protobuf (3.6.1-x86-mingw32)
    googleapis-common-protos (1.3.7)
      google-protobuf (~> 3.0)
      googleapis-common-protos-types (~> 1.0)
      grpc (~> 1.0)
    googleapis-common-protos-types (1.0.2)
      google-protobuf (~> 3.0)
    googleauth (0.6.7)
      faraday (~> 0.12)
      jwt (>= 1.4, < 3.0)
      memoist (~> 0.16)
      multi_json (~> 1.11)
      os (>= 0.9, < 2.0)
      signet (~> 0.7)
    grpc (1.17.1-x86-mingw32)
      google-protobuf (~> 3.1)
      googleapis-common-protos-types (~> 1.0.0)
    http (3.3.0)
      addressable (~> 2.3)
      http-cookie (~> 1.0)
      http-form_data (~> 2.0)
      http_parser.rb (~> 0.6.0)
    http-cookie (1.0.3)
      domain_name (~> 0.5)
    http-form_data (2.1.1)
    http_parser.rb (0.6.0)
    jwt (2.1.0)
    memoist (0.16.0)
    multi_json (1.13.1)
    multipart-post (2.0.0)
    oj (3.7.6)
    os (1.0.0)
    public_suffix (3.0.3)
    rly (0.2.3)
    signet (0.11.0)
      addressable (~> 2.3)
      faraday (~> 0.9)
      jwt (>= 1.5, < 3.0)
      multi_json (~> 1.10)
    unf (0.1.4)
      unf_ext
    unf_ext (0.0.7.5-x86-mingw32)

PLATFORMS
  x86-mingw32

DEPENDENCIES
  dotenv
  google-cloud-vision
  mastodon-api!

BUNDLED WITH
   1.16.1
